GEM
  remote: https://rubygems.org/
  specs:
    base64 (0.2.0)
    connection_pool (2.4.1)
    dalli (3.2.8)
    datadog (2.7.0)
      datadog-ruby_core_source (~> 3.3)
      libdatadog (~> 14.1.0.1.0)
      libddwaf (~> 1.15.0.0.0)
      msgpack
    datadog-ruby_core_source (3.3.6)
    ffi (1.17.0-aarch64-linux-gnu)
    ffi (1.17.0-x86_64-linux-gnu)
    foreman (0.88.1)
    kgio (2.11.4)
    libdatadog (14.1.0.1.0-aarch64-linux)
    libdatadog (14.1.0.1.0-x86_64-linux)
    libddwaf (1.15.0.0.0-aarch64-linux)
      ffi (~> 1.0)
    libddwaf (1.15.0.0.0-x86_64-linux)
      ffi (~> 1.0)
    logger (1.6.1)
    msgpack (1.7.5)
    multi_json (1.15.0)
    mustermann (3.0.3)
      ruby2_keywords (~> 0.0.1)
    mysql2 (0.5.6)
    rack (3.0.11)
    rack-flash3 (1.0.5)
      rack
    rack-protection (4.1.0)
      base64 (>= 0.1.0)
      logger (>= 1.6.0)
      rack (>= 3.0.0, < 4)
    rack-session (2.0.0)
      rack (>= 3.0.0)
    raindrops (0.20.1)
    ruby2_keywords (0.0.5)
    sinatra (4.1.0)
      logger (>= 1.6.0)
      mustermann (~> 3.0)
      rack (>= 3.0.0, < 4)
      rack-protection (= 4.1.0)
      rack-session (>= 2.0.0, < 3)
      tilt (~> 2.0)
    sinatra-contrib (4.1.0)
      multi_json (>= 0.0.2)
      mustermann (~> 3.0)
      rack-protection (= 4.1.0)
      sinatra (= 4.1.0)
      tilt (~> 2.0)
    tilt (2.4.0)
    unicorn (6.1.0)
      kgio (~> 2.6)
      raindrops (~> 0.7)

PLATFORMS
  aarch64-linux
  x86_64-linux

DEPENDENCIES
  connection_pool
  dalli
  datadog
  foreman
  mysql2
  rack
  rack-flash3
  sinatra
  sinatra-contrib
  unicorn

BUNDLED WITH
   2.3.26
